GEM
  remote: http://rubygems.org/
  specs:
    builder (2.1.2)
    dalli (1.1.3)
    domain_name (0.5.3)
      unf (~> 0.0.3)
    kgio (2.6.0)
    mechanize (2.5.1)
      domain_name (~> 0.5, >= 0.5.1)
      mime-types (~> 1.17, >= 1.17.2)
      net-http-digest_auth (~> 1.1, >= 1.1.1)
      net-http-persistent (~> 2.5, >= 2.5.2)
      nokogiri (~> 1.4)
      ntlm-http (~> 0.1, >= 0.1.1)
      webrobots (~> 0.0, >= 0.0.9)
    mime-types (1.19)
    net-http-digest_auth (1.2.1)
    net-http-persistent (2.7)
    newrelic_rpm (3.3.3)
    nokogiri (1.5.5)
    ntlm-http (0.1.1)
    rack (1.4.1)
    rack-cache (1.2)
      rack (>= 0.4)
    rack-protection (1.2.0)
      rack
    raindrops (0.7.0)
    rdiscount (1.6.8)
    sinatra (1.3.2)
      rack (~> 1.3, >= 1.3.6)
      rack-protection (~> 1.2)
      tilt (~> 1.3, >= 1.3.3)
    slim (1.2.2)
      temple (~> 0.4.0)
      tilt (~> 1.3.3)
    temple (0.4.0)
    tilt (1.3.3)
    unf (0.0.5)
      unf_ext
    unf_ext (0.0.5)
    unicorn (4.1.1)
      kgio (~> 2.4)
      rack
      raindrops (~> 0.6)
    webrobots (0.0.13)

PLATFORMS
  ruby

DEPENDENCIES
  builder
  dalli
  mechanize
  newrelic_rpm
  rack-cache
  rdiscount
  sinatra
  slim
  unicorn
