GEM
  remote: http://rubygems.org/
  specs:
    builder (2.1.2)
    mechanize (1.0.0)
      nokogiri (>= 1.2.1)
    nokogiri (1.4.4)
    rack (1.2.1)
    sinatra (1.1.2)
      rack (~> 1.1)
      tilt (~> 1.2)
    tilt (1.2.2)

PLATFORMS
  ruby

DEPENDENCIES
  builder (~> 2.1)
  mechanize (~> 1.0)
  sinatra (~> 1.0)
